GEM
  remote: https://rubygems.org/
  specs:
    ffi (1.9.18)
    uvrb (0.2.0)
      ffi (~> 1.9)

PLATFORMS
  ruby

DEPENDENCIES
  ffi!
  uvrb!

BUNDLED WITH
   1.15.2
