GEM
  remote: https://rubygems.org/
  specs:
    byebug (9.0.6)
    coderay (1.1.1)
    concurrent-ruby (1.0.5)
    ffi (1.9.18)
    ffi-compiler (1.0.1)
      ffi (>= 1.0.0)
      rake
    libuv (3.2.2)
      concurrent-ruby (~> 1.0)
      ffi (~> 1.9)
      ruby-tls (~> 2.1)
    method_source (0.8.2)
    pry (0.10.4)
      coderay (~> 1.1.0)
      method_source (~> 0.8.1)
      slop (~> 3.4)
    pry-byebug (3.4.2)
      byebug (~> 9.0)
      pry (~> 0.10)
    rake (12.0.0)
    rice (2.1.1)
    ruby-tls (2.3.0)
      concurrent-ruby (~> 1.0)
      ffi-compiler (>= 1.0, < 2.0)
    slop (3.6.0)

PLATFORMS
  ruby

DEPENDENCIES
  ffi!
  libuv!
  pry!
  pry-byebug!
  rice!

BUNDLED WITH
   1.15.2
