GEM
  remote: https://rubygems.org/
  specs:
    ZenTest (4.11.1)
    hoe (3.16.1)
      rake (>= 0.8, < 13.0)
    minitest (5.10.1)
    rake (12.0.0)
    rake-compiler (1.0.4)
      rake

PLATFORMS
  ruby

DEPENDENCIES
  ZenTest!
  hoe!
  minitest!
  rake-compiler!

BUNDLED WITH
   1.15.2
